GEM
  remote: http://rubygems.org/
  specs:
    ZenTest (4.4.2)
    actionmailer (2.3.15)
      actionpack (= 2.3.15)
    actionpack (2.3.15)
      activesupport (= 2.3.15)
      rack (~> 1.1.3)
    activerecord (2.3.15)
      activesupport (= 2.3.15)
    activeresource (2.3.15)
      activesupport (= 2.3.15)
    activesupport (2.3.15)
    addressable (2.3.2)
    autotest-rails (4.1.0)
      ZenTest
    builder (3.1.4)
    capistrano (2.5.19)
      highline
      net-scp (>= 1.0.0)
      net-sftp (>= 2.0.0)
      net-ssh (>= 2.0.14)
      net-ssh-gateway (>= 1.0.0)
    capistrano-ext (1.2.1)
      capistrano (>= 1.0.0)
    capybara (1.1.1)
      mime-types (>= 1.16)
      nokogiri (>= 1.3.3)
      rack (>= 1.0.0)
      rack-test (>= 0.5.4)
      selenium-webdriver (~> 2.0)
      xpath (~> 0.1.4)
    childprocess (0.3.6)
      ffi (>= 1.0.6, ~> 1.0)
    columnize (0.3.2)
    configuration (1.2.0)
    cucumber (1.1.0)
      builder (>= 2.1.2)
      diff-lcs (>= 1.1.2)
      gherkin (~> 2.5.0)
      json (>= 1.4.6)
      term-ansicolor (>= 1.0.6)
    cucumber-rails (0.3.2)
      cucumber (>= 0.8.0)
    database_cleaner (0.6.1)
    devise (1.0.7)
      warden (~> 0.10.3)
    devise_invitable (0.2.3)
      devise (~> 1.0.6)
    diff-lcs (1.1.3)
    exception_notification (2.3.3.0)
    factory_girl (1.2.4)
    ffi (1.3.1)
    gherkin (2.5.4)
      json (>= 1.4.6)
    highline (1.6.1)
    json (1.7.6)
    launchy (0.3.7)
      configuration (>= 0.0.5)
      rake (>= 0.8.1)
    libwebsocket (0.1.7.1)
      addressable
      websocket
    linecache (0.43)
    mime-types (1.19)
    multi_json (1.5.0)
    mysql (2.8.1)
    net-scp (1.0.4)
      net-ssh (>= 1.99.1)
    net-sftp (2.0.5)
      net-ssh (>= 2.0.9)
    net-ssh (2.1.0)
    net-ssh-gateway (1.0.1)
      net-ssh (>= 1.99.1)
    nokogiri (1.5.6)
    paperclip (2.3.8)
      activerecord
      activesupport
    rack (1.1.4)
    rack-test (0.6.2)
      rack (>= 1.0)
    rails (2.3.15)
      actionmailer (= 2.3.15)
      actionpack (= 2.3.15)
      activerecord (= 2.3.15)
      activeresource (= 2.3.15)
      activesupport (= 2.3.15)
      rake (>= 0.8.3)
    rake (10.0.3)
    redgreen (1.2.2)
    rest-client (1.6.1)
      mime-types (>= 1.16)
    rmagick (1.15.17)
    rspec (1.3.1)
    rspec-rails (1.3.3)
      rack (>= 1.0.0)
      rspec (= 1.3.1)
    ruby-debug (0.10.4)
      columnize (>= 0.1)
      ruby-debug-base (~> 0.10.4.0)
    ruby-debug-base (0.10.4)
      linecache (>= 0.3)
    rubyzip (0.9.9)
    selenium-webdriver (2.27.2)
      childprocess (>= 0.2.5)
      libwebsocket (~> 0.1.3)
      multi_json (~> 1.0)
      rubyzip
    settingslogic (2.0.6)
    spork (0.8.4)
    term-ansicolor (1.0.7)
    velir_kaltura-ruby (0.4.9)
      activeresource (>= 2.3.8)
      activesupport (>= 2.3.8)
      json
      rest-client (>= 1.5.1)
    warden (0.10.7)
      rack (>= 1.0.0)
    websocket (1.0.6)
    will_paginate (2.3.15)
    wysihat-engine (0.1.12)
      paperclip (>= 2.3.1)
    xpath (0.1.4)
      nokogiri (~> 1.3)

PLATFORMS
  ruby

DEPENDENCIES
  autotest-rails
  bundler
  capistrano-ext
  capybara (= 1.1.1)
  cucumber (= 1.1.0)
  cucumber-rails (= 0.3.2)
  database_cleaner
  devise (= 1.0.7)
  devise_invitable (= 0.2.3)
  exception_notification (= 2.3.3.0)
  factory_girl (= 1.2.4)
  launchy
  mysql
  nokogiri
  paperclip
  rails (= 2.3.15)
  redgreen
  rmagick (~> 1.15.17)
  rspec (~> 1.3.0)
  rspec-rails (~> 1.3.0)
  ruby-debug
  settingslogic
  spork
  velir_kaltura-ruby (~> 0.4.3)
  warden
  will_paginate
  wysihat-engine (= 0.1.12)
  xpath
