GIT
  remote: git://github.com/jnicklas/capybara.git
  revision: bbcfd02eb7870f3f1755a73aa78635db9721ba44
  specs:
    capybara (0.4.1.1)
      celerity (>= 0.7.9)
      culerity (>= 0.2.4)
      mime-types (>= 1.16)
      nokogiri (>= 1.3.3)
      rack (>= 1.0.0)
      rack-test (>= 0.5.4)
      selenium-webdriver (>= 0.0.27)
      xpath (~> 0.1.3)

GEM
  remote: http://rubygems.org/
  specs:
    ZenTest (4.4.2)
    actionmailer (2.3.12)
      actionpack (= 2.3.12)
    actionpack (2.3.12)
      activesupport (= 2.3.12)
      rack (~> 1.1.0)
    activerecord (2.3.12)
      activesupport (= 2.3.12)
    activeresource (2.3.12)
      activesupport (= 2.3.12)
    activesupport (2.3.12)
    autotest-rails (4.1.0)
      ZenTest
    builder (3.0.0)
    capistrano (2.5.19)
      highline
      net-scp (>= 1.0.0)
      net-sftp (>= 2.0.0)
      net-ssh (>= 2.0.14)
      net-ssh-gateway (>= 1.0.0)
    capistrano-ext (1.2.1)
      capistrano (>= 1.0.0)
    celerity (0.8.7)
    childprocess (0.1.6)
      ffi (~> 0.6.3)
    columnize (0.3.2)
    configuration (1.2.0)
    cucumber (0.10.0)
      builder (>= 2.1.2)
      diff-lcs (~> 1.1.2)
      gherkin (~> 2.3.2)
      json (~> 1.4.6)
      term-ansicolor (~> 1.0.5)
    cucumber-rails (0.3.2)
      cucumber (>= 0.8.0)
    culerity (0.2.15)
    database_cleaner (0.6.1)
    devise (1.0.7)
      warden (~> 0.10.3)
    devise_invitable (0.2.3)
      devise (~> 1.0.6)
    diff-lcs (1.1.2)
    exception_notification (2.3.3.0)
    factory_girl (1.2.4)
    ffi (0.6.3)
      rake (>= 0.8.7)
    gherkin (2.3.3)
      json (~> 1.4.6)
    highline (1.6.1)
    json (1.4.6)
    json_pure (1.5.1)
    launchy (0.3.7)
      configuration (>= 0.0.5)
      rake (>= 0.8.1)
    linecache (0.43)
    mime-types (1.16)
    mysql (2.8.1)
    net-scp (1.0.4)
      net-ssh (>= 1.99.1)
    net-sftp (2.0.5)
      net-ssh (>= 2.0.9)
    net-ssh (2.1.0)
    net-ssh-gateway (1.0.1)
      net-ssh (>= 1.99.1)
    nokogiri (1.4.4)
    paperclip (2.3.8)
      activerecord
      activesupport
    rack (1.1.3)
    rack-test (0.5.7)
      rack (>= 1.0)
    rails (2.3.12)
      actionmailer (= 2.3.12)
      actionpack (= 2.3.12)
      activerecord (= 2.3.12)
      activeresource (= 2.3.12)
      activesupport (= 2.3.12)
      rake (>= 0.8.3)
    rake (0.9.2.2)
    redgreen (1.2.2)
    rest-client (1.6.1)
      mime-types (>= 1.16)
    rmagick (1.15.17)
    rspec (1.3.1)
    rspec-rails (1.3.3)
      rack (>= 1.0.0)
      rspec (= 1.3.1)
    rubyzip (0.9.4)
    selenium-webdriver (0.1.2)
      childprocess (~> 0.1.5)
      ffi (~> 0.6.3)
      json_pure
      rubyzip
    settingslogic (2.0.6)
    spork (0.8.4)
    term-ansicolor (1.0.5)
    velir_kaltura-ruby (0.4.9)
      activeresource (>= 2.3.8)
      activesupport (>= 2.3.8)
      json
      rest-client (>= 1.5.1)
    warden (0.10.7)
      rack (>= 1.0.0)
    will_paginate (2.3.15)
    wysihat-engine (0.1.12)
      paperclip (>= 2.3.1)
    xpath (0.1.3)
      nokogiri (~> 1.3)

PLATFORMS
  ruby

DEPENDENCIES
  autotest-rails
  bundler
  capistrano-ext
  capybara!
  cucumber
  cucumber-rails
  database_cleaner
  devise (= 1.0.7)
  devise_invitable (= 0.2.3)
  exception_notification (= 2.3.3.0)
  factory_girl (= 1.2.4)
  launchy
  mysql
  nokogiri
  paperclip
  rails (= 2.3.12)
  redgreen
  rmagick (~> 1.15.17)
  rspec (~> 1.3.0)
  rspec-rails (~> 1.3.0)
  settingslogic
  spork
  velir_kaltura-ruby (~> 0.4.3)
  warden
  will_paginate
  wysihat-engine (= 0.1.12)
  xpath
